GEM
  remote: https://rubygems.org/
  specs:
    backports (3.14.0)
    builder (3.2.3)
    childprocess (1.0.1)
      rake (< 13.0)
    cucumber (3.1.2)
      builder (>= 2.1.2)
      cucumber-core (~> 3.2.0)
      cucumber-expressions (~> 6.0.1)
      cucumber-wire (~> 0.0.1)
      diff-lcs (~> 1.3)
      gherkin (~> 5.1.0)
      multi_json (>= 1.7.5, < 2.0)
      multi_test (>= 0.1.2)
    cucumber-core (3.2.1)
      backports (>= 3.8.0)
      cucumber-tag_expressions (~> 1.1.0)
      gherkin (~> 5.0)
    cucumber-expressions (6.0.1)
    cucumber-tag_expressions (1.1.1)
    cucumber-wire (0.0.1)
    diff-lcs (1.3)
    ffi (1.10.0)
    gherkin (5.1.0)
    gmail (0.7.1)
      gmail_xoauth (>= 0.3.0)
      mail (>= 2.2.1)
    gmail_xoauth (0.4.2)
      oauth (>= 0.3.6)
    mail (2.7.1)
      mini_mime (>= 0.1.1)
    mini_mime (1.0.1)
    multi_json (1.13.1)
    multi_test (0.1.2)
    oauth (0.5.4)
    rake (12.3.2)
    rubyzip (1.3.0)
    selenium-webdriver (3.141.5926)
      childprocess (>= 0.5, < 2.0)
      rubyzip (~> 1.2, >= 1.2.2)

PLATFORMS
  ruby

DEPENDENCIES
  cucumber (~> 3.1.2)
  cucumber-expressions (~> 6.0.1)
  ffi (~> 1.10.0)
  gmail (~> 0.7.1)
  selenium-webdriver (~> 3.141.0)

BUNDLED WITH
   1.17.1
